GEM
  remote: https://rubygems.org/
  specs:
    addressable (2.3.8)
    aws-sdk (2.6.14)
      aws-sdk-resources (= 2.6.14)
    aws-sdk-core (2.6.14)
      jmespath (~> 1.0)
    aws-sdk-resources (2.6.14)
      aws-sdk-core (= 2.6.14)
    colorator (0.1)
    colored (1.2)
    concurrent-ruby (1.0.2)
    configure-s3-website (1.7.5)
      aws-sdk (~> 2)
      deep_merge (~> 1.0.0)
    deep_merge (1.0.1)
    dotenv (1.0.2)
    execjs (2.7.0)
    fastimage (1.9.0)
      addressable (~> 2.3.5)
    ffi (1.9.14)
    handlebars_assets (0.23.1)
      execjs (~> 2.0)
      multi_json (~> 1.0)
      sprockets (>= 2.0.0)
      tilt (>= 1.2)
    jekyll (3.0.5)
      colorator (~> 0.1)
      jekyll-sass-converter (~> 1.0)
      jekyll-watch (~> 1.1)
      kramdown (~> 1.3)
      liquid (~> 3.0)
      mercenary (~> 0.3.3)
      rouge (~> 1.7)
      safe_yaml (~> 1.0)
    jekyll-assets (2.1.3)
      fastimage (~> 1.8)
      jekyll (~> 3.0)
      sprockets (~> 3.3)
      sprockets-helpers (~> 1.2)
      tilt (~> 2.0)
    jekyll-sass-converter (1.4.0)
      sass (~> 3.4)
    jekyll-watch (1.5.0)
      listen (~> 3.0, < 3.1)
    jmespath (1.3.1)
    kramdown (1.12.0)
    liquid (3.0.6)
    listen (3.0.8)
      rb-fsevent (~> 0.9, >= 0.9.4)
      rb-inotify (~> 0.9, >= 0.9.7)
    mercenary (0.3.6)
    multi_json (1.12.1)
    rack (2.0.1)
    rb-fsevent (0.9.8)
    rb-inotify (0.9.7)
      ffi (>= 0.5.0)
    rouge (1.11.1)
    s3_website (2.16.0)
      colored (= 1.2)
      configure-s3-website (= 1.7.5)
      dotenv (~> 1.0)
      thor (~> 0.18)
    safe_yaml (1.0.4)
    sass (3.4.22)
    sprockets (3.7.0)
      concurrent-ruby (~> 1.0)
      rack (> 1, < 3)
    sprockets-helpers (1.2.1)
      sprockets (>= 2.2)
    thor (0.19.1)
    tilt (2.0.5)
    uglifier (3.0.3)
      execjs (>= 0.3.0, < 3)

PLATFORMS
  ruby

DEPENDENCIES
  handlebars_assets
  jekyll (~> 3.0.1)
  jekyll-assets
  s3_website
  sass (~> 3.4.19)
  sprockets
  uglifier

BUNDLED WITH
   1.13.6
